PATH
  remote: .
  specs:
    privacy_policy (0.1.0)
      haml

GEM
  remote: https://rubygems.org/
  specs:
    diff-lcs (1.5.0)
    haml (5.2.2)
      temple (>= 0.8.0)
      tilt
    rspec (3.10.0)
      rspec-core (~> 3.10.0)
      rspec-expectations (~> 3.10.0)
      rspec-mocks (~> 3.10.0)
    rspec-core (3.10.1)
      rspec-support (~> 3.10.0)
    rspec-expectations (3.10.1)
      diff-lcs (>= 1.2.0, < 2.0)
      rspec-support (~> 3.10.0)
    rspec-mocks (3.10.2)
      diff-lcs (>= 1.2.0, < 2.0)
      rspec-support (~> 3.10.0)
    rspec-support (3.10.3)
    temple (0.8.2)
    tilt (2.0.10)

PLATFORMS
  arm64-darwin-20

DEPENDENCIES
  bundler (~> 2.2.32)
  privacy_policy!
  rspec

BUNDLED WITH
   2.2.33
